GEM
  remote: https://rubygems.org/
  specs:
    activesupport (3.2.3)
      i18n (~> 0.6)
      multi_json (~> 1.0)
    amq-protocol (1.9.2)
    builder (3.2.2)
    bunny (1.1.3)
      amq-protocol (>= 1.9.2)
    celluloid (0.15.2)
      timers (~> 1.1.0)
    dotenv (0.10.0)
    foreman (0.63.0-java)
      dotenv (>= 0.7)
      thor (>= 0.13.6)
    haml (3.1.6)
    i18n (0.6.9)
    json (1.5.4)
    json (1.5.4-java)
    jwt (0.1.11)
      multi_json (>= 1.5)
    mail (2.2.7)
      activesupport (>= 2.3.6)
      mime-types
      treetop (>= 1.4.5)
    mime-types (2.1)
    multi_json (1.8.4)
    pg (0.17.1)
    pg_jruby (0.14.1.rc2-java)
    polyglot (0.3.4)
    pony (1.8)
      mail (>= 2.0)
    puma (2.7.1)
      rack (>= 1.1, < 2.0)
    puma (2.7.1-java)
      rack (>= 1.1, < 2.0)
    rack (1.5.2)
    rack-protection (1.5.2)
      rack
    rest-client (1.6.7)
      mime-types (>= 1.16)
    sequel (4.7.0)
    sinatra (1.4.2)
      rack (~> 1.5, >= 1.5.2)
      rack-protection (~> 1.4)
      tilt (~> 1.3, >= 1.3.4)
    thor (0.18.1)
    tilt (1.4.1)
    timers (1.1.0)
    treetop (1.4.15)
      polyglot
      polyglot (>= 0.3.1)
    twilio-ruby (3.6.0)
      builder (>= 2.1.2)
      jwt (>= 0.1.2)
      multi_json (>= 1.0.3)

PLATFORMS
  java
  ruby

DEPENDENCIES
  activesupport (= 3.2.3)
  bunny (~> 1.1.0)
  celluloid (~> 0.15.2)
  foreman (= 0.63.0)
  haml (= 3.1.6)
  json (= 1.5.4)
  pg (~> 0.17.1)
  pg_jruby (~> 0.14.1.rc2)
  pony
  puma (= 2.7.1)
  rest-client (= 1.6.7)
  sequel (~> 4.7.0)
  sinatra (= 1.4.2)
  twilio-ruby (~> 3.6.0)
